PATH
  remote: .
  specs:
    concurrent_pipeline (0.9.9)
      concurrent-ruby-edge

GEM
  remote: https://rubygems.org/
  specs:
    ast (2.4.2)
    concurrent-ruby (1.2.3)
    concurrent-ruby-edge (0.7.0)
      concurrent-ruby (~> 1.2.0)
    json (2.7.1)
    minitest (5.22.3)
    parallel (1.23.0)
    parser (3.3.0.5)
      ast (~> 2.4.1)
      racc
    racc (1.7.3)
    rainbow (3.1.1)
    rake (13.2.1)
    regexp_parser (2.5.0)
    rexml (3.2.5)
    rubocop (1.42.0)
      json (~> 2.3)
      parallel (~> 1.10)
      parser (>= 3.1.2.1)
      rainbow (>= 2.2.2, < 4.0)
      regexp_parser (>= 1.8, < 3.0)
      rexml (>= 3.2.5, < 4.0)
      rubocop-ast (>= 1.24.1, < 2.0)
      ruby-progressbar (~> 1.7)
      unicode-display_width (>= 1.4.0, < 3.0)
    rubocop-ast (1.31.2)
      parser (>= 3.3.0.4)
    ruby-progressbar (1.11.0)
    unicode-display_width (1.8.0)

PLATFORMS
  aarch64-linux

DEPENDENCIES
  concurrent_pipeline!
  minitest (~> 5.0)
  rake (~> 13.0)
  rubocop (~> 1.21)

BUNDLED WITH
   2.4.19
